GIT
  remote: https://github.com/rspec/rspec
  revision: 9f7a21bb8438f206ebc37bf69b995db8ca625244
  specs:
    rspec (3.14.0.pre)
      rspec-core (= 3.14.0.pre)
      rspec-expectations (= 3.14.0.pre)
      rspec-mocks (= 3.14.0.pre)

GIT
  remote: https://github.com/rspec/rspec
  revision: 9f7a21bb8438f206ebc37bf69b995db8ca625244
  glob: rspec-core/rspec-core.gemspec
  specs:
    rspec-core (3.14.0.pre)
      rspec-support (= 3.14.0.pre)

GIT
  remote: https://github.com/rspec/rspec
  revision: 9f7a21bb8438f206ebc37bf69b995db8ca625244
  glob: rspec-expectations/rspec-expectations.gemspec
  specs:
    rspec-expectations (3.14.0.pre)
      diff-lcs (>= 1.2.0, < 2.0)
      rspec-support (= 3.14.0.pre)

GIT
  remote: https://github.com/rspec/rspec
  revision: 9f7a21bb8438f206ebc37bf69b995db8ca625244
  glob: rspec-mocks/rspec-mocks.gemspec
  specs:
    rspec-mocks (3.14.0.pre)
      diff-lcs (>= 1.2.0, < 2.0)
      rspec-support (= 3.14.0.pre)

GIT
  remote: https://github.com/rspec/rspec
  revision: 9f7a21bb8438f206ebc37bf69b995db8ca625244
  glob: rspec-support/rspec-support.gemspec
  specs:
    rspec-support (3.14.0.pre)

GEM
  remote: https://rubygems.org/
  specs:
    addressable (2.8.7)
      public_suffix (>= 2.0.2, < 7.0)
    altcha (0.2.1)
    ast (2.4.3)
    attic (1.0.1)
      rake (~> 13.0.6)
    aws-eventstream (1.3.2)
    aws-partitions (1.1096.0)
    aws-sdk-core (3.223.0)
      aws-eventstream (~> 1, >= 1.3.0)
      aws-partitions (~> 1, >= 1.992.0)
      aws-sigv4 (~> 1.9)
      base64
      jmespath (~> 1, >= 1.6.1)
      logger
    aws-sdk-sesv2 (1.75.0)
      aws-sdk-core (~> 3, >= 3.216.0)
      aws-sigv4 (~> 1.5)
    aws-sigv4 (1.11.0)
      aws-eventstream (~> 1, >= 1.0.2)
    base64 (0.2.0)
    bcrypt (3.1.20)
    benchmark (0.4.1)
    bigdecimal (3.1.9)
    byebug (12.0.0)
    coderay (1.1.3)
    concurrent-ruby (1.3.5)
    connection_pool (2.5.0)
    csv (3.3.3)
    daemons (1.4.1)
    date (3.4.1)
    diff-lcs (1.6.2)
    docile (1.4.1)
    dotenv (3.1.8)
    drydock (0.6.9)
    encryptor (1.1.3)
    eventmachine (1.2.7)
    fakeredis (0.1.4)
    familia (1.2.0)
      redis (>= 4.8.1, < 6.0)
      stringio (~> 3.1.1)
      uri-redis (~> 1.3)
    fastimage (2.4.0)
    fiddle (1.1.8)
    gibbler (1.0.0)
      attic (~> 1.0)
      rake (~> 13.0)
    hana (1.3.7)
    hashdiff (1.2.0)
    httparty (0.23.1)
      csv
      mini_mime (>= 1.0.0)
      multi_xml (>= 0.5.2)
    io-console (0.8.0)
    irb (1.15.2)
      pp (>= 0.6.0)
      rdoc (>= 4.0.0)
      reline (>= 0.4.2)
    jmespath (1.6.2)
    json (2.12.2)
    json_schemer (2.4.0)
      bigdecimal
      hana (~> 1.3)
      regexp_parser (~> 2.0)
      simpleidn (~> 0.2)
    language_server-protocol (3.17.0.5)
    lint_roller (1.1.0)
    logger (1.7.0)
    mail (2.8.1)
      mini_mime (>= 0.1.1)
      net-imap
      net-pop
      net-smtp
    method_source (1.1.0)
    mini_mime (1.1.5)
    multi_json (1.15.0)
    multi_xml (0.7.1)
      bigdecimal (~> 3.1)
    mustache (1.1.1)
    net-imap (0.5.8)
      date
      net-protocol
    net-pop (0.1.2)
      net-protocol
    net-protocol (0.2.2)
      timeout
    net-smtp (0.5.0)
      net-protocol
    nio4r (2.7.4)
    ostruct (0.6.1)
    otto (1.1.0.pre.alpha4)
      addressable (~> 2.2, < 3)
      rack (~> 2.2, < 3.0)
      rexml (>= 3.3.6)
    parallel (1.27.0)
    parser (3.3.8.0)
      ast (~> 2.4.1)
      racc
    pastel (0.8.0)
      tty-color (~> 0.5)
    pp (0.6.2)
      prettyprint
    prettier_print (1.2.1)
    prettyprint (0.2.0)
    prism (1.4.0)
    pry (0.14.2)
      coderay (~> 1.1)
      method_source (~> 1.0)
    pry-byebug (3.11.0)
      byebug (~> 12.0)
      pry (>= 0.13, < 0.16)
    psych (5.2.4)
      date
      stringio
    public_suffix (6.0.2)
    puma (6.6.0)
      nio4r (~> 2.0)
    racc (1.8.1)
    rack (2.2.14)
    rack-contrib (2.5.0)
      rack (< 4)
    rack-protection (3.2.0)
      base64 (>= 0.1.0)
      rack (~> 2.2, >= 2.2.4)
    rack-proxy (0.7.7)
      rack
    rack-test (2.2.0)
      rack (>= 1.3)
    rack-utf8_sanitizer (1.10.1)
      rack (>= 1.0, < 4.0)
    rainbow (3.1.1)
    rake (13.0.6)
    rdoc (6.13.1)
      psych (>= 4.0.0)
    redis (5.4.0)
      redis-client (>= 0.22.0)
    redis-client (0.24.0)
      connection_pool
    regexp_parser (2.10.0)
    reline (0.6.1)
      io-console (~> 0.5)
    rexml (3.4.1)
    rubocop (1.76.1)
      json (~> 2.3)
      language_server-protocol (~> 3.17.0.2)
      lint_roller (~> 1.1.0)
      parallel (~> 1.10)
      parser (>= 3.3.0.2)
      rainbow (>= 2.2.2, < 4.0)
      regexp_parser (>= 2.9.3, < 3.0)
      rubocop-ast (>= 1.45.0, < 2.0)
      ruby-progressbar (~> 1.7)
      unicode-display_width (>= 2.4.0, < 4.0)
    rubocop-ast (1.45.1)
      parser (>= 3.3.7.2)
      prism (~> 1.4)
    rubocop-performance (1.25.0)
      lint_roller (~> 1.1)
      rubocop (>= 1.75.0, < 2.0)
      rubocop-ast (>= 1.38.0, < 2.0)
    rubocop-rspec (3.6.0)
      lint_roller (~> 1.1)
      rubocop (~> 1.72, >= 1.72.1)
    rubocop-thread_safety (0.7.2)
      lint_roller (~> 1.1)
      rubocop (~> 1.72, >= 1.72.1)
    ruby-progressbar (1.13.0)
    ruby_http_client (3.5.5)
    sendgrid-ruby (6.7.0)
      ruby_http_client (~> 3.4)
    sentry-ruby (5.23.0)
      bigdecimal
      concurrent-ruby (~> 1.0, >= 1.0.2)
    simplecov (0.22.0)
      docile (~> 1.1)
      simplecov-html (~> 0.11)
      simplecov_json_formatter (~> 0.1)
    simplecov-html (0.13.1)
    simplecov_json_formatter (0.1.4)
    simpleidn (0.2.3)
    stackprof (0.2.27)
    storable (0.10.0)
    stringio (3.1.7)
    strings (0.2.1)
      strings-ansi (~> 0.2)
      unicode-display_width (>= 1.5, < 3.0)
      unicode_utils (~> 1.4)
    strings-ansi (0.2.0)
    stripe (15.0.0)
    syntax_tree (6.2.0)
      prettier_print (>= 1.2.0)
    sysinfo (0.10.0)
      drydock (< 1.0)
      storable (~> 0.10)
    syslog (0.3.0)
      logger
    thin (1.8.2)
      daemons (~> 1.0, >= 1.0.9)
      eventmachine (~> 1.0, >= 1.0.4)
      rack (>= 1, < 3)
    timeout (0.4.3)
    truemail (3.3.1)
      simpleidn (~> 0.2.1)
    tryouts (2.4.1)
      sysinfo (~> 0.10)
    tty-color (0.6.0)
    tty-screen (0.8.2)
    tty-table (0.12.0)
      pastel (~> 0.8)
      strings (~> 0.2.0)
      tty-screen (~> 0.8)
    unicode-display_width (2.6.0)
    unicode_utils (1.4.0)
    uri-redis (1.3.0)
    xdg (9.2.0)

PLATFORMS
  aarch64-linux
  universal-darwin
  x86_64-linux

DEPENDENCIES
  addressable
  altcha (~> 0.2.1)
  aws-sdk-sesv2 (~> 1.74)
  base64
  bcrypt
  benchmark
  byebug
  concurrent-ruby (~> 1.3.5)
  dotenv
  drydock
  encryptor (= 1.1.3)
  fakeredis
  familia (~> 1.2.0)
  fastimage (~> 2.4)
  fiddle
  gibbler
  hashdiff
  httparty
  irb
  json_schemer
  logger
  mail
  multi_json
  mustache
  net-imap (~> 0.5.7)
  ostruct
  otto (~> 1.1.0.pre.alpha4)
  pry
  pry-byebug
  psych (~> 5.2.3)
  public_suffix
  puma (~> 6.6)
  rack (>= 2.2.12, < 3.0)
  rack-contrib (~> 2.5)
  rack-protection (~> 3.2)
  rack-proxy
  rack-test
  rack-utf8_sanitizer (~> 1.10.1)
  rdoc
  redis (~> 5.4.0)
  reline
  rspec!
  rspec-core!
  rspec-expectations!
  rspec-mocks!
  rspec-support!
  rubocop
  rubocop-performance
  rubocop-rspec
  rubocop-thread_safety
  sendgrid-ruby
  sentry-ruby
  simplecov
  stackprof
  storable
  stringio (~> 3.1.6)
  stripe
  syntax_tree
  syslog (~> 0.3.0)
  thin
  truemail
  tryouts
  tty-table (~> 0.12.0)
  uri-redis (~> 1.3.0)
  xdg

RUBY VERSION
   ruby 3.3.5p100

BUNDLED WITH
   2.6.6
