GEM
  remote: https://rubygems.org/
  specs:
    addressable (2.8.7)
      public_suffix (>= 2.0.2, < 7.0)
    ast (2.4.2)
    attic (1.0.1)
      rake (~> 13.0.6)
    base64 (0.2.0)
    bcrypt (3.1.20)
    bigdecimal (3.1.8)
    byebug (11.1.3)
    byebug-dap (0.1.4)
      byebug (~> 11.1)
      ruby-dap (~> 0.1.2)
    coderay (1.1.3)
    concurrent-ruby (1.3.4)
    connection_pool (2.4.1)
    csv (3.3.0)
    daemons (1.4.1)
    date (3.3.4)
    dotenv (3.1.4)
    drydock (0.6.9)
    encryptor (1.1.3)
    erubi (1.13.0)
    eventmachine (1.2.7)
    familia (1.0.0.pre.rc7)
      redis (>= 4.8.1, < 6.0)
      uri-redis (~> 1.3)
    fiddle (1.1.2)
    gibbler (1.0.0)
      attic (~> 1.0)
      rake (~> 13.0)
    httparty (0.22.0)
      csv
      mini_mime (>= 1.0.0)
      multi_xml (>= 0.5.2)
    json (2.7.2)
    language_server-protocol (3.17.0.3)
    logger (1.6.1)
    mail (2.8.1)
      mini_mime (>= 0.1.1)
      net-imap
      net-pop
      net-smtp
    method_source (1.1.0)
    mini_mime (1.1.5)
    multi_json (1.15.0)
    multi_xml (0.7.1)
      bigdecimal (~> 3.1)
    mustache (1.1.1)
    net-imap (0.4.16)
      date
      net-protocol
    net-pop (0.1.2)
      net-protocol
    net-protocol (0.2.2)
      timeout
    net-smtp (0.5.0)
      net-protocol
    netrc (0.11.0)
    ostruct (0.6.0)
    otto (1.1.0.pre.alpha4)
      addressable (~> 2.2, < 3)
      rack (~> 2.2, < 3.0)
      rexml (>= 3.3.6)
    parallel (1.26.3)
    parser (3.3.5.0)
      ast (~> 2.4.1)
      racc
    prism (1.1.0)
    pry (0.14.2)
      coderay (~> 1.1)
      method_source (~> 1.0)
    pry-byebug (3.10.1)
      byebug (~> 11.0)
      pry (>= 0.13, < 0.15)
    psych (5.1.2)
      stringio
    public_suffix (6.0.1)
    racc (1.8.1)
    rack (2.2.9)
    rack-contrib (2.5.0)
      rack (< 4)
    rainbow (3.1.1)
    rake (13.0.6)
    rbi (0.2.1)
      prism (~> 1.0)
      sorbet-runtime (>= 0.5.9204)
    rdoc (6.7.0)
      psych (>= 4.0.0)
    redis (5.3.0)
      redis-client (>= 0.22.0)
    redis-client (0.22.2)
      connection_pool
    regexp_parser (2.9.2)
    rexml (3.3.8)
    rubocop (1.66.1)
      json (~> 2.3)
      language_server-protocol (>= 3.17.0)
      parallel (~> 1.10)
      parser (>= 3.3.0.2)
      rainbow (>= 2.2.2, < 4.0)
      regexp_parser (>= 2.4, < 3.0)
      rubocop-ast (>= 1.32.2, < 2.0)
      ruby-progressbar (~> 1.7)
      unicode-display_width (>= 2.4.0, < 3.0)
    rubocop-ast (1.32.3)
      parser (>= 3.3.1.0)
    rubocop-performance (1.22.1)
      rubocop (>= 1.48.1, < 2.0)
      rubocop-ast (>= 1.31.1, < 2.0)
    rubocop-thread_safety (0.5.1)
      rubocop (>= 0.90.0)
    ruby-dap (0.1.3)
    ruby-progressbar (1.13.0)
    ruby_http_client (3.5.5)
    sendgrid-ruby (6.7.0)
      ruby_http_client (~> 3.4)
    sentry-ruby (5.20.1)
      bigdecimal
      concurrent-ruby (~> 1.0, >= 1.0.2)
    simpleidn (0.2.3)
    sorbet (0.5.11597)
      sorbet-static (= 0.5.11597)
    sorbet-runtime (0.5.11597)
    sorbet-static (0.5.11597-aarch64-linux)
    sorbet-static (0.5.11597-universal-darwin)
    sorbet-static (0.5.11597-x86_64-linux)
    sorbet-static-and-runtime (0.5.11597)
      sorbet (= 0.5.11597)
      sorbet-runtime (= 0.5.11597)
    spoom (1.5.0)
      erubi (>= 1.10.0)
      prism (>= 0.28.0)
      sorbet-static-and-runtime (>= 0.5.10187)
      thor (>= 0.19.2)
    stackprof (0.2.26)
    storable (0.10.0)
    stringio (3.1.1)
    stripe (13.0.0)
    sysinfo (0.10.0)
      drydock (< 1.0)
      storable (~> 0.10)
    syslog (0.1.2)
    tapioca (0.16.3)
      bundler (>= 2.2.25)
      netrc (>= 0.11.0)
      parallel (>= 1.21.0)
      rbi (~> 0.2)
      sorbet-static-and-runtime (>= 0.5.11087)
      spoom (>= 1.2.0)
      thor (>= 1.2.0)
      yard-sorbet
    thin (1.8.2)
      daemons (~> 1.0, >= 1.0.9)
      eventmachine (~> 1.0, >= 1.0.4)
      rack (>= 1, < 3)
    thor (1.3.2)
    timeout (0.4.1)
    truemail (3.3.1)
      simpleidn (~> 0.2.1)
    tryouts (2.4.1)
      sysinfo (~> 0.10)
    unicode-display_width (2.6.0)
    uri-redis (1.3.0)
    yard (0.9.37)
    yard-sorbet (0.9.0)
      sorbet-runtime
      yard

PLATFORMS
  aarch64-linux
  universal-darwin
  x86_64-linux

DEPENDENCIES
  addressable
  base64
  bcrypt
  byebug
  byebug-dap
  dotenv
  drydock
  encryptor (= 1.1.3)
  familia (~> 1.0.0.pre.rc7)
  fiddle
  gibbler
  httparty
  logger
  mail
  multi_json
  mustache
  ostruct
  otto (~> 1.1.0.pre.alpha4)
  pry
  pry-byebug
  public_suffix
  rack (>= 2.2, < 3.0)
  rack-contrib (~> 2.5)
  rdoc
  redis (~> 5.3.0)
  rubocop
  rubocop-performance
  rubocop-thread_safety
  sendgrid-ruby
  sentry-ruby
  sorbet
  sorbet-runtime
  spoom
  stackprof
  storable
  stripe
  sysinfo
  syslog
  tapioca
  thin
  truemail
  tryouts
  uri-redis (~> 1.3.0)

RUBY VERSION
   ruby 3.3.5p100

BUNDLED WITH
   2.5.16
