GIT
  remote: https://github.com/rspec/rspec
  revision: 95fbf88255de04e4ba8288172292bda494c4f187
  specs:
    rspec (3.14.0.pre)
      rspec-core (= 3.14.0.pre)
      rspec-expectations (= 3.14.0.pre)
      rspec-mocks (= 3.14.0.pre)

GIT
  remote: https://github.com/rspec/rspec
  revision: 95fbf88255de04e4ba8288172292bda494c4f187
  glob: rspec-core/rspec-core.gemspec
  specs:
    rspec-core (3.14.0.pre)
      rspec-support (= 3.14.0.pre)

GIT
  remote: https://github.com/rspec/rspec
  revision: 95fbf88255de04e4ba8288172292bda494c4f187
  glob: rspec-expectations/rspec-expectations.gemspec
  specs:
    rspec-expectations (3.14.0.pre)
      diff-lcs (>= 1.2.0, < 2.0)
      rspec-support (= 3.14.0.pre)

GIT
  remote: https://github.com/rspec/rspec
  revision: 95fbf88255de04e4ba8288172292bda494c4f187
  glob: rspec-mocks/rspec-mocks.gemspec
  specs:
    rspec-mocks (3.14.0.pre)
      diff-lcs (>= 1.2.0, < 2.0)
      rspec-support (= 3.14.0.pre)

GIT
  remote: https://github.com/rspec/rspec
  revision: 95fbf88255de04e4ba8288172292bda494c4f187
  glob: rspec-support/rspec-support.gemspec
  specs:
    rspec-support (3.14.0.pre)

GEM
  remote: https://rubygems.org/
  specs:
    android_key_attestation (0.3.0)
    ast (2.4.3)
    aws-eventstream (1.4.0)
    aws-partitions (1.1159.0)
    aws-sdk-core (3.232.0)
      aws-eventstream (~> 1, >= 1.3.0)
      aws-partitions (~> 1, >= 1.992.0)
      aws-sigv4 (~> 1.9)
      base64
      bigdecimal
      jmespath (~> 1, >= 1.6.1)
      logger
    aws-sdk-sesv2 (1.85.0)
      aws-sdk-core (~> 3, >= 3.231.0)
      aws-sigv4 (~> 1.5)
    aws-sigv4 (1.12.1)
      aws-eventstream (~> 1, >= 1.0.2)
    backport (1.2.0)
    base64 (0.3.0)
    bcrypt (3.1.20)
    benchmark (0.4.1)
    bigdecimal (3.2.3)
    bindata (2.5.1)
    cbor (0.5.10.1)
    chunky_png (1.4.0)
    concurrent-ruby (1.3.5)
    connection_pool (2.5.3)
    cose (1.3.1)
      cbor (~> 0.5.9)
      openssl-signature_algorithm (~> 1.0)
    crass (1.0.6)
    csv (3.3.5)
    daemons (1.4.1)
    database_cleaner-core (2.0.1)
    database_cleaner-sequel (2.0.2)
      database_cleaner-core (~> 2.0.0)
      sequel
    date (3.4.1)
    debug (1.11.0)
      irb (~> 1.10)
      reline (>= 0.3.8)
    diff-lcs (1.6.2)
    docile (1.4.1)
    drydock (1.0.0)
      ostruct (~> 0.6)
    encryptor (1.1.3)
    erb (5.0.2)
    eventmachine (1.2.7)
    facets (3.1.0)
    faker (3.5.2)
      i18n (>= 1.8.11, < 2)
    fakeredis (0.1.4)
    familia (2.0.0.pre17)
      benchmark (~> 0.4)
      connection_pool (~> 2.5)
      csv (~> 3.3)
      logger (~> 1.7)
      oj (~> 3.16)
      redis (>= 4.8.1, < 6.0)
      stringio (~> 3.1.1)
      uri-valkey (~> 1.4)
    fastimage (2.4.0)
    ffi (1.17.2-aarch64-linux-gnu)
    ffi (1.17.2-arm64-darwin)
    ffi (1.17.2-x86_64-darwin)
    ffi (1.17.2-x86_64-linux-gnu)
    hana (1.3.7)
    httparty (0.23.1)
      csv
      mini_mime (>= 1.0.0)
      multi_xml (>= 0.5.2)
    i18n (1.14.7)
      concurrent-ruby (~> 1.0)
    io-console (0.8.1)
    irb (1.15.2)
      pp (>= 0.6.0)
      rdoc (>= 4.0.0)
      reline (>= 0.4.2)
    jaro_winkler (1.6.1)
    jmespath (1.6.2)
    json (2.13.2)
    json_schemer (2.4.0)
      bigdecimal
      hana (~> 1.3)
      regexp_parser (~> 2.0)
      simpleidn (~> 0.2)
    jwt (2.10.2)
      base64
    kramdown (2.5.1)
      rexml (>= 3.3.9)
    kramdown-parser-gfm (1.1.0)
      kramdown (~> 2.0)
    language_server-protocol (3.17.0.5)
    lint_roller (1.1.0)
    listen (3.9.0)
      rb-fsevent (~> 0.10, >= 0.10.3)
      rb-inotify (~> 0.9, >= 0.9.10)
    logger (1.7.0)
    loofah (2.24.1)
      crass (~> 1.0.2)
      nokogiri (>= 1.12.0)
    mail (2.8.1)
      mini_mime (>= 0.1.1)
      net-imap
      net-pop
      net-smtp
    mini_mime (1.1.5)
    mini_portile2 (2.8.9)
    minitest (5.25.5)
    multi_xml (0.7.2)
      bigdecimal (~> 3.1)
    mustache (1.1.1)
    net-imap (0.5.9)
      date
      net-protocol
    net-pop (0.1.2)
      net-protocol
    net-protocol (0.2.2)
      timeout
    net-smtp (0.5.1)
      net-protocol
    nio4r (2.7.4)
    nokogiri (1.18.10-aarch64-linux-gnu)
      racc (~> 1.4)
    nokogiri (1.18.10-arm64-darwin)
      racc (~> 1.4)
    nokogiri (1.18.10-x86_64-darwin)
      racc (~> 1.4)
    nokogiri (1.18.10-x86_64-linux-gnu)
      racc (~> 1.4)
    observer (0.1.2)
    oj (3.16.11)
      bigdecimal (>= 3.0)
      ostruct (>= 0.2)
    openssl (3.3.0)
    openssl-signature_algorithm (1.3.0)
      openssl (> 2.0)
    ostruct (0.6.3)
    otto (2.0.0.pre1)
      facets (~> 3.1)
      loofah (~> 2.20)
      rack (~> 3.1, < 4.0)
      rack-parser (~> 0.7)
      rexml (>= 3.3.6)
    parallel (1.27.0)
    parser (3.3.9.0)
      ast (~> 2.4.1)
      racc
    pastel (0.8.0)
      tty-color (~> 0.5)
    pp (0.6.2)
      prettyprint
    prettier_print (1.2.1)
    prettyprint (0.2.0)
    prism (1.4.0)
    psych (5.2.6)
      date
      stringio
    public_suffix (6.0.2)
    puma (6.6.1)
      nio4r (~> 2.0)
    racc (1.8.1)
    rack (3.2.1)
    rack-contrib (2.5.0)
      rack (< 4)
    rack-parser (0.7.0)
      rack
    rack-protection (4.1.1)
      base64 (>= 0.1.0)
      logger (>= 1.6.0)
      rack (>= 3.0.0, < 4)
    rack-proxy (0.7.7)
      rack
    rack-session (2.1.1)
      base64 (>= 0.1.0)
      rack (>= 3.0.0)
    rack-test (2.2.0)
      rack (>= 1.3)
    rack-utf8_sanitizer (1.10.1)
      rack (>= 1.0, < 4.0)
    rackup (2.2.1)
      rack (>= 3)
    rainbow (3.1.1)
    rb-fsevent (0.11.2)
    rb-inotify (0.11.1)
      ffi (~> 1.0)
    rbs (3.9.5)
      logger
    rdoc (6.14.2)
      erb
      psych (>= 4.0.0)
    redis (5.4.1)
      redis-client (>= 0.22.0)
    redis-client (0.25.2)
      connection_pool
    regexp_parser (2.10.0)
    reline (0.6.2)
      io-console (~> 0.5)
    rerun (0.14.0)
      listen (~> 3.0)
    reverse_markdown (3.0.0)
      nokogiri
    rexml (3.4.4)
    roda (3.96.0)
      rack
    rodauth (2.40.0)
      roda (>= 2.6.0)
      sequel (>= 4)
    rotp (6.3.0)
    rqrcode (2.2.0)
      chunky_png (~> 1.0)
      rqrcode_core (~> 1.0)
    rqrcode_core (1.2.0)
    rubocop (1.79.2)
      json (~> 2.3)
      language_server-protocol (~> 3.17.0.2)
      lint_roller (~> 1.1.0)
      parallel (~> 1.10)
      parser (>= 3.3.0.2)
      rainbow (>= 2.2.2, < 4.0)
      regexp_parser (>= 2.9.3, < 3.0)
      rubocop-ast (>= 1.46.0, < 2.0)
      ruby-progressbar (~> 1.7)
      unicode-display_width (>= 2.4.0, < 4.0)
    rubocop-ast (1.46.0)
      parser (>= 3.3.7.2)
      prism (~> 1.4)
    rubocop-performance (1.25.0)
      lint_roller (~> 1.1)
      rubocop (>= 1.75.0, < 2.0)
      rubocop-ast (>= 1.38.0, < 2.0)
    rubocop-rspec (3.6.0)
      lint_roller (~> 1.1)
      rubocop (~> 1.72, >= 1.72.1)
    rubocop-thread_safety (0.7.3)
      lint_roller (~> 1.1)
      rubocop (~> 1.72, >= 1.72.1)
      rubocop-ast (>= 1.44.0, < 2.0)
    ruby-progressbar (1.13.0)
    ruby_http_client (3.5.5)
    safety_net_attestation (0.5.0)
      jwt (>= 2.0, < 4.0)
    sendgrid-ruby (6.7.0)
      ruby_http_client (~> 3.4)
    sentry-ruby (5.26.0)
      bigdecimal
      concurrent-ruby (~> 1.0, >= 1.0.2)
    sequel (5.97.0)
      bigdecimal
    simplecov (0.22.0)
      docile (~> 1.1)
      simplecov-html (~> 0.11)
      simplecov_json_formatter (~> 0.1)
    simplecov-html (0.13.2)
    simplecov_json_formatter (0.1.4)
    simpleidn (0.2.3)
    solargraph (0.56.0)
      backport (~> 1.2)
      benchmark (~> 0.4)
      bundler (~> 2.0)
      diff-lcs (~> 1.4)
      jaro_winkler (~> 1.6, >= 1.6.1)
      kramdown (~> 2.3)
      kramdown-parser-gfm (~> 1.1)
      logger (~> 1.6)
      observer (~> 0.1)
      ostruct (~> 0.6)
      parser (~> 3.0)
      prism (~> 1.4)
      rbs (~> 3.3)
      reverse_markdown (~> 3.0)
      rubocop (~> 1.38)
      thor (~> 1.0)
      tilt (~> 2.0)
      yard (~> 0.9, >= 0.9.24)
      yard-solargraph (~> 0.1)
    sqlite3 (1.7.3)
      mini_portile2 (~> 2.8.0)
    stackprof (0.2.27)
    stringio (3.1.7)
    strings (0.2.1)
      strings-ansi (~> 0.2)
      unicode-display_width (>= 1.5, < 3.0)
      unicode_utils (~> 1.4)
    strings-ansi (0.2.0)
    stripe (15.4.0)
    syntax_tree (6.3.0)
      prettier_print (>= 1.2.0)
    thin (2.0.1)
      daemons (~> 1.0, >= 1.0.9)
      eventmachine (~> 1.0, >= 1.0.4)
      logger
      rack (>= 1, < 4)
    thor (1.4.0)
    tilt (2.6.1)
    timeout (0.4.3)
    tpm-key_attestation (0.14.1)
      bindata (~> 2.4)
      openssl (> 2.0)
      openssl-signature_algorithm (~> 1.0)
    truemail (3.3.1)
      simpleidn (~> 0.2.1)
    tryouts (3.6.0)
      concurrent-ruby (~> 1.0)
      irb
      minitest (~> 5.0)
      pastel (~> 0.8)
      prism (~> 1.0)
      rspec (~> 3.0)
      tty-cursor (~> 0.7)
      tty-screen (~> 0.8)
    tty-color (0.6.0)
    tty-cursor (0.7.1)
    tty-screen (0.8.2)
    tty-table (0.12.0)
      pastel (~> 0.8)
      strings (~> 0.2.0)
      tty-screen (~> 0.8)
    unicode-display_width (2.6.0)
    unicode_utils (1.4.0)
    uri-valkey (1.4.0)
    webauthn (3.4.2)
      android_key_attestation (~> 0.3.0)
      bindata (~> 2.4)
      cbor (~> 0.5.9)
      cose (~> 1.1)
      openssl (>= 2.2)
      safety_net_attestation (~> 0.5.0)
      tpm-key_attestation (~> 0.14.0)
    yard (0.9.37)
    yard-solargraph (0.1.0)
      yard (~> 0.9)

PLATFORMS
  aarch64-linux
  universal-darwin
  x86_64-linux

DEPENDENCIES
  aws-sdk-sesv2 (~> 1.74)
  base64
  bcrypt (~> 3.1)
  benchmark
  database_cleaner-sequel (~> 2.0)
  debug
  drydock (~> 1.0.0)
  encryptor (= 1.1.3)
  faker (~> 3.2)
  fakeredis
  familia (~> 2.0.0.pre17)
  fastimage (~> 2.4)
  httparty
  irb
  json_schemer
  jwt (~> 2.7)
  logger
  mail
  mustache
  otto (~> 2.0.0.pre1)
  psych (~> 5.2.3)
  public_suffix
  puma (~> 6.6)
  rack (>= 3.1.16, < 4.0)
  rack-contrib (~> 2.5.0)
  rack-protection (~> 4.1)
  rack-proxy
  rack-session (~> 2.1.1)
  rack-test
  rack-utf8_sanitizer
  rackup
  rdoc
  redis (~> 5.4.0)
  rerun (~> 0.14)
  roda (~> 3.0)
  rodauth (~> 2.0)
  rotp (~> 6.2)
  rqrcode (~> 2.2)
  rspec!
  rspec-core!
  rspec-expectations!
  rspec-mocks!
  rspec-support!
  rubocop (~> 1.79)
  rubocop-performance
  rubocop-rspec
  rubocop-thread_safety
  sendgrid-ruby
  sentry-ruby
  sequel (~> 5.0)
  simplecov
  solargraph
  sqlite3 (~> 1.6)
  stackprof
  stringio (~> 3.1.6)
  stripe
  syntax_tree
  thin
  truemail
  tryouts (~> 3.6.0)
  tty-table (~> 0.12)
  uri-valkey (~> 1.4.0)
  webauthn (~> 3.0)

RUBY VERSION
   ruby 3.4.5p51

BUNDLED WITH
   2.6.6
