GEM
  remote: https://rubygems.org/
  specs:
    addressable (2.2.6)
    amazon-ec2 (0.9.17)
      xml-simple (>= 1.0.12)
    annoy (0.5.6)
      highline (>= 1.5.0)
    attic (0.5.3)
    aws-s3 (0.6.3)
      builder
      mime-types
      xml-simple
    bcrypt-ruby (3.0.0)
    builder (3.2.2)
    caesars (0.7.4)
    crack (0.1.8)
    daemons (1.1.9)
    docile (1.1.0)
    drydock (0.6.9)
    encryptor (1.1.3)
    eventmachine (1.0.8)
    familia (0.7.1)
      gibbler (>= 0.8.6)
      multi_json (>= 0.0.5)
      redis (>= 2.1.0)
      storable (>= 0.8.6)
      uri-redis (>= 0.4.2)
    gibbler (0.8.9)
      attic (>= 0.4.0)
    highline (1.6.19)
    httparty (0.7.7)
      crack (= 0.1.8)
    mail (2.5.4)
      mime-types (~> 1.16)
      treetop (~> 1.4.8)
    mime-types (1.25)
    multi_json (1.8.0)
    mustache (0.99.3)
    net-scp (1.1.2)
      net-ssh (>= 2.6.5)
    net-ssh (2.7.0)
    otto (0.4.1)
      addressable (>= 2.2.6)
      rack (>= 1.2.1)
    polyglot (0.3.3)
    rack (1.4.5)
    redis (2.2.2)
    redis-dump (0.3.2)
      drydock (>= 0.6.9)
      redis (>= 2.0)
      uri-redis (>= 0.4.0)
      yajl-ruby (>= 0.1)
    rudy (0.9.8.020)
      amazon-ec2 (>= 0.9.10)
      annoy (>= 0.5.6)
      attic (>= 0.5.3)
      aws-s3 (>= 0.6.1)
      caesars (>= 0.7.4)
      drydock (>= 0.6.9)
      gibbler (>= 0.8.9)
      highline (>= 1.5.1)
      rye (>= 0.9.3)
      storable (>= 0.8.6)
      sysinfo (>= 0.7.3)
    rye (0.9.8)
      annoy
      docile (>= 1.0.1)
      highline (>= 1.5.1)
      net-scp (>= 1.0.2)
      net-ssh (>= 2.0.13)
      sysinfo (>= 0.7.3)
    storable (0.8.9)
    sysinfo (0.7.3)
      drydock
      storable
    thin (1.5.0)
      daemons (>= 1.0.9)
      eventmachine (>= 0.12.6)
      rack (>= 1.0.0)
    treetop (1.4.15)
      polyglot
      polyglot (>= 0.3.1)
    uri-redis (0.4.2)
    xml-simple (1.1.2)
    yajl-ruby (1.1.0)

PLATFORMS
  ruby

DEPENDENCIES
  addressable (= 2.2.6)
  annoy (= 0.5.6)
  bcrypt-ruby (= 3.0.0)
  encryptor (= 1.1.3)
  familia (= 0.7.1)
  gibbler (= 0.8.9)
  httparty (= 0.7.7)
  mail (= 2.5.4)
  mustache (= 0.99.3)
  otto (= 0.4.1)
  rack (= 1.4.5)
  redis (= 2.2.2)
  redis-dump (= 0.3.2)
  rudy (= 0.9.8.020)
  storable (= 0.8.9)
  sysinfo (= 0.7.3)
  thin (= 1.5.0)
  yajl-ruby (= 1.1.0)

BUNDLED WITH
   1.10.2
