GEM
  remote: https://rubygems.org/
  specs:
    addressable (2.8.6)
      public_suffix (>= 2.0.2, < 6.0)
    ast (2.4.2)
    attic (1.0.1)
      rake (~> 13.0.6)
    bcrypt (3.1.20)
    bigdecimal (3.1.8)
    byebug (11.1.3)
    byebug-dap (0.1.4)
      byebug (~> 11.1)
      ruby-dap (~> 0.1.2)
    coderay (1.1.3)
    csv (0.1.0)
    daemons (1.4.1)
    date (3.3.4)
    drydock (0.6.9)
    encryptor (1.1.3)
    erubi (1.12.0)
    eventmachine (1.2.7)
    familia (0.9.3)
      gibbler (~> 1.0.0)
      multi_json (~> 1.15)
      redis (>= 4.8, < 7)
      storable (~> 0.10.0)
      uri-redis (>= 1.0.0)
    gibbler (1.0.0)
      attic (~> 1.0)
      rake (~> 13.0)
    httparty (0.22.0)
      csv
      mini_mime (>= 1.0.0)
      multi_xml (>= 0.5.2)
    json (2.7.2)
    language_server-protocol (3.17.0.3)
    mail (2.8.1)
      mini_mime (>= 0.1.1)
      net-imap
      net-pop
      net-smtp
    method_source (1.1.0)
    mini_mime (1.1.5)
    multi_json (1.15.0)
    multi_xml (0.7.1)
      bigdecimal (~> 3.1)
    mustache (1.1.1)
    net-imap (0.3.7)
      date
      net-protocol
    net-pop (0.1.2)
      net-protocol
    net-protocol (0.2.2)
      timeout
    net-smtp (0.5.0)
      net-protocol
    netrc (0.11.0)
    otto (1.0.1)
      addressable (>= 2.2.6)
      rack (>= 1.2.1)
    parallel (1.24.0)
    parser (3.3.2.0)
      ast (~> 2.4.1)
      racc
    prism (0.30.0)
    pry (0.14.2)
      coderay (~> 1.1)
      method_source (~> 1.0)
    pry-byebug (3.10.1)
      byebug (~> 11.0)
      pry (>= 0.13, < 0.15)
    public_suffix (5.0.5)
    racc (1.8.0)
    rack (2.2.9)
    rainbow (3.1.1)
    rake (13.0.6)
    rbi (0.1.13)
      prism (>= 0.18.0, < 1.0.0)
      sorbet-runtime (>= 0.5.9204)
    redis (4.8.1)
    regexp_parser (2.9.2)
    rexml (3.2.8)
      strscan (>= 3.0.9)
    rubocop (1.64.1)
      json (~> 2.3)
      language_server-protocol (>= 3.17.0)
      parallel (~> 1.10)
      parser (>= 3.3.0.2)
      rainbow (>= 2.2.2, < 4.0)
      regexp_parser (>= 1.8, < 3.0)
      rexml (>= 3.2.5, < 4.0)
      rubocop-ast (>= 1.31.1, < 2.0)
      ruby-progressbar (~> 1.7)
      unicode-display_width (>= 2.4.0, < 3.0)
    rubocop-ast (1.31.3)
      parser (>= 3.3.1.0)
    ruby-dap (0.1.3)
    ruby-progressbar (1.13.0)
    ruby_http_client (3.5.5)
    sendgrid-ruby (6.7.0)
      ruby_http_client (~> 3.4)
    simpleidn (0.2.3)
    sorbet (0.5.11428)
      sorbet-static (= 0.5.11428)
    sorbet-runtime (0.5.11428)
    sorbet-static (0.5.11428-aarch64-linux)
    sorbet-static (0.5.11428-universal-darwin)
    sorbet-static (0.5.11428-x86_64-linux)
    sorbet-static-and-runtime (0.5.11428)
      sorbet (= 0.5.11428)
      sorbet-runtime (= 0.5.11428)
    spoom (1.3.2)
      erubi (>= 1.10.0)
      prism (>= 0.19.0)
      sorbet-static-and-runtime (>= 0.5.10187)
      thor (>= 0.19.2)
    storable (0.10.0)
    strscan (3.1.0)
    sysinfo (0.10.0)
      drydock (< 1.0)
      storable (~> 0.10)
    tapioca (0.14.3)
      bundler (>= 2.2.25)
      netrc (>= 0.11.0)
      parallel (>= 1.21.0)
      rbi (>= 0.1.4, < 0.2)
      sorbet-static-and-runtime (>= 0.5.11087)
      spoom (>= 1.2.0)
      thor (>= 1.2.0)
      yard-sorbet
    thin (1.8.2)
      daemons (~> 1.0, >= 1.0.9)
      eventmachine (~> 1.0, >= 1.0.4)
      rack (>= 1, < 3)
    thor (1.3.1)
    timeout (0.4.1)
    truemail (3.3.1)
      simpleidn (~> 0.2.1)
    tryouts (2.2.0)
      sysinfo (~> 0.10)
    unicode-display_width (2.5.0)
    uri-redis (1.2.0)
    yajl-ruby (1.4.3)
    yard (0.9.36)
    yard-sorbet (0.8.1)
      sorbet-runtime (>= 0.5)
      yard (>= 0.9)

PLATFORMS
  aarch64-linux
  arm64-darwin-22
  arm64-darwin-23
  x86_64-linux

DEPENDENCIES
  addressable
  bcrypt
  byebug
  byebug-dap
  drydock
  encryptor (= 1.1.3)
  familia (~> 0.9)
  gibbler
  httparty
  mail
  mustache
  otto (~> 1.0, >= 1.0)
  pry
  pry-byebug
  rack
  redis (~> 4.8)
  rubocop
  sendgrid-ruby
  sorbet
  sorbet-runtime
  spoom
  storable
  sysinfo
  tapioca
  thin
  truemail
  tryouts
  uri-redis (~> 1.2)
  yajl-ruby

RUBY VERSION
   ruby 3.1.4p223

BUNDLED WITH
   2.4.12
